PATH
  remote: .
  specs:
    prisoners-dilemma (0.0.1)

GEM
  remote: http://rubygems.org/
  specs:
    minitest (3.3.0)

PLATFORMS
  ruby

DEPENDENCIES
  minitest
  prisoners-dilemma!
